GEM
  remote: https://rubygems.org/
  specs:
    haml (5.0.4)
      temple (>= 0.8.0)
      tilt
    jdbc-postgres (42.1.4)
    puma (3.11.4-java)
    rack (2.0.5)
    rack-unreloader (1.6.0)
    roda (3.9.0)
      rack
    sequel (5.10.0)
    temple (0.8.0)
    tilt (2.0.8)

PLATFORMS
  java

DEPENDENCIES
  haml
  jdbc-postgres
  puma
  rack-unreloader
  roda
  sequel

BUNDLED WITH
   1.16.2
